PATH
  remote: .
  specs:
    capistrano (3.16.0)
      airbrussh (>= 1.0.0)
      i18n
      rake (>= 10.0.0)
      sshkit (>= 1.9.0)

GEM
  remote: https://rubygems.org/
  specs:
    activesupport (6.1.4)
      concurrent-ruby (~> 1.0, >= 1.0.2)
      i18n (>= 1.6, < 2)
      minitest (>= 5.1)
      tzinfo (~> 2.0)
      zeitwerk (~> 2.3)
    addressable (2.7.0)
      public_suffix (>= 2.0.2, < 5.0)
    airbrussh (1.4.0)
      sshkit (>= 1.6.1, != 1.7.0)
    ast (2.4.2)
    builder (3.2.4)
    claide (1.0.3)
    claide-plugins (0.9.2)
      cork
      nap
      open4 (~> 1.3)
    colored2 (3.1.2)
    concurrent-ruby (1.1.9)
    cork (0.3.0)
      colored2 (~> 3.1)
    cucumber (6.1.0)
      builder (~> 3.2, >= 3.2.4)
      cucumber-core (~> 9.0, >= 9.0.1)
      cucumber-create-meta (~> 4.0, >= 4.0.0)
      cucumber-cucumber-expressions (~> 12.1, >= 12.1.1)
      cucumber-gherkin (~> 18.1, >= 18.1.0)
      cucumber-html-formatter (~> 13.0, >= 13.0.0)
      cucumber-messages (~> 15.0, >= 15.0.0)
      cucumber-wire (~> 5.0, >= 5.0.1)
      diff-lcs (~> 1.4, >= 1.4.4)
      mime-types (~> 3.3, >= 3.3.1)
      multi_test (~> 0.1, >= 0.1.2)
      sys-uname (~> 1.2, >= 1.2.2)
    cucumber-core (9.0.1)
      cucumber-gherkin (~> 18.1, >= 18.1.0)
      cucumber-messages (~> 15.0, >= 15.0.0)
      cucumber-tag-expressions (~> 3.0, >= 3.0.1)
    cucumber-create-meta (4.0.0)
      cucumber-messages (~> 15.0, >= 15.0.0)
      sys-uname (~> 1.2, >= 1.2.2)
    cucumber-cucumber-expressions (12.1.1)
    cucumber-gherkin (18.1.1)
      cucumber-messages (~> 15.0, >= 15.0.0)
    cucumber-html-formatter (13.0.0)
      cucumber-messages (~> 15.0, >= 15.0.0)
    cucumber-messages (15.0.0)
      protobuf-cucumber (~> 3.10, >= 3.10.8)
    cucumber-tag-expressions (3.0.1)
    cucumber-wire (5.0.1)
      cucumber-core (~> 9.0, >= 9.0.1)
      cucumber-cucumber-expressions (~> 12.1, >= 12.1.1)
      cucumber-messages (~> 15.0, >= 15.0.0)
    danger (8.2.3)
      claide (~> 1.0)
      claide-plugins (>= 0.9.2)
      colored2 (~> 3.1)
      cork (~> 0.1)
      faraday (>= 0.9.0, < 2.0)
      faraday-http-cache (~> 2.0)
      git (~> 1.7)
      kramdown (~> 2.3)
      kramdown-parser-gfm (~> 1.0)
      no_proxy_fix
      octokit (~> 4.7)
      terminal-table (>= 1, < 4)
    diff-lcs (1.4.4)
    faraday (1.4.3)
      faraday-em_http (~> 1.0)
      faraday-em_synchrony (~> 1.0)
      faraday-excon (~> 1.1)
      faraday-net_http (~> 1.0)
      faraday-net_http_persistent (~> 1.1)
      multipart-post (>= 1.2, < 3)
      ruby2_keywords (>= 0.0.4)
    faraday-em_http (1.0.0)
    faraday-em_synchrony (1.0.0)
    faraday-excon (1.1.0)
    faraday-http-cache (2.2.0)
      faraday (>= 0.8)
    faraday-net_http (1.0.1)
    faraday-net_http_persistent (1.1.0)
    ffi (1.15.3)
    git (1.8.1)
      rchardet (~> 1.8)
    i18n (1.8.10)
      concurrent-ruby (~> 1.0)
    kramdown (2.3.1)
      rexml
    kramdown-parser-gfm (1.1.0)
      kramdown (~> 2.0)
    middleware (0.1.0)
    mime-types (3.3.1)
      mime-types-data (~> 3.2015)
    mime-types-data (3.2021.0225)
    minitest (5.14.4)
    mocha (1.13.0)
    multi_test (0.1.2)
    multipart-post (2.1.1)
    nap (1.1.0)
    net-scp (3.0.0)
      net-ssh (>= 2.6.5, < 7.0.0)
    net-ssh (6.1.0)
    nio4r (2.5.7)
    no_proxy_fix (0.1.2)
    octokit (4.21.0)
      faraday (>= 0.9)
      sawyer (~> 0.8.0, >= 0.5.3)
    open4 (1.3.4)
    parser (2.7.2.0)
      ast (~> 2.4.1)
    powerpack (0.1.3)
    protobuf-cucumber (3.10.8)
      activesupport (>= 3.2)
      middleware
      thor
      thread_safe
    public_suffix (4.0.6)
    puma (5.3.2)
      nio4r (~> 2.0)
    rainbow (2.2.2)
      rake
    rake (13.0.3)
    rchardet (1.8.0)
    rexml (3.2.5)
    rspec (3.4.0)
      rspec-core (~> 3.4.0)
      rspec-expectations (~> 3.4.0)
      rspec-mocks (~> 3.4.0)
    rspec-core (3.4.4)
      rspec-support (~> 3.4.0)
    rspec-expectations (3.4.0)
      diff-lcs (>= 1.2.0, < 2.0)
      rspec-support (~> 3.4.0)
    rspec-mocks (3.4.1)
      diff-lcs (>= 1.2.0, < 2.0)
      rspec-support (~> 3.4.0)
    rspec-support (3.4.1)
    rubocop (0.48.1)
      parser (>= 2.3.3.1, < 3.0)
      powerpack (~> 0.1)
      rainbow (>= 1.99.1, < 3.0)
      ruby-progressbar (~> 1.7)
      unicode-display_width (~> 1.0, >= 1.0.1)
    ruby-progressbar (1.11.0)
    ruby2_keywords (0.0.4)
    sawyer (0.8.2)
      addressable (>= 2.3.5)
      faraday (> 0.8, < 2.0)
    sshkit (1.21.2)
      net-scp (>= 1.1.2)
      net-ssh (>= 2.8.0)
    sys-uname (1.2.2)
      ffi (~> 1.1)
    terminal-table (3.0.1)
      unicode-display_width (>= 1.1.1, < 3)
    thor (1.1.0)
    thread_safe (0.3.6)
    tzinfo (2.0.4)
      concurrent-ruby (~> 1.0)
    unicode-display_width (1.7.0)
    zeitwerk (2.4.2)

PLATFORMS
  x86_64-linux

DEPENDENCIES
  capistrano!
  cucumber
  danger
  mocha
  puma
  rspec
  rspec-core (~> 3.4.4)
  rubocop (= 0.48.1)

BUNDLED WITH
   2.2.21
